GEM
  remote: https://rubygems.org/
  specs:
    concurrent-ruby (1.1.5)
    docile (1.3.1)
    i18n (1.5.3)
      concurrent-ruby (~> 1.0)
    json (2.2.0)
    simplecov (0.16.1)
      docile (~> 1.1)
      json (>= 1.8, < 3)
      simplecov-html (~> 0.10.0)
    simplecov-html (0.10.2)
    thread_safe (0.3.6)
    tzinfo (1.2.5)
      thread_safe (~> 0.1)

PLATFORMS
  ruby

DEPENDENCIES
  i18n (~> 1.5.3)
  simplecov
  tzinfo (~> 1.2.4)

BUNDLED WITH
   2.0.1
